GEM
  remote: http://rubygems.org/
  specs:
    activesupport (3.2.13)
      i18n (= 0.6.1)
      multi_json (~> 1.0)
    addressable (2.3.4)
    anvil-cli (0.15.0)
      progress (~> 2.4.0)
      rest-client (~> 1.6.7)
      thor (~> 0.15.2)
    diff-lcs (1.1.3)
    excon (0.16.10)
    heroku (2.37.2)
      heroku-api (~> 0.3.7)
      launchy (>= 0.3.2)
      netrc (~> 0.7.7)
      rest-client (~> 1.6.1)
      rubyzip
    heroku-api (0.3.8)
      excon (~> 0.16.10)
    heroku_hatchet (0.0.1)
      activesupport
      anvil-cli
      excon
      heroku-api
      thor
    i18n (0.6.1)
    launchy (2.3.0)
      addressable (~> 2.3)
    mime-types (1.22)
    multi_json (1.7.2)
    netrc (0.7.7)
    progress (2.4.0)
    rake (10.0.4)
    rest-client (1.6.7)
      mime-types (>= 1.16)
    rspec-core (2.13.1)
    rspec-expectations (2.12.1)
      diff-lcs (~> 1.1.3)
    rubyzip (0.9.9)
    thor (0.15.4)

PLATFORMS
  ruby

DEPENDENCIES
  excon
  heroku
  heroku_hatchet
  rake
  rspec-core
  rspec-expectations
